GEM
  remote: http://rubygems.org/
  specs:
    RedCloth (4.1.9)
    abstract (1.0.0)
    actionpack (3.0.4)
      activemodel (= 3.0.4)
      activesupport (= 3.0.4)
      builder (~> 2.1.2)
      erubis (~> 2.6.6)
      i18n (~> 0.4)
      rack (~> 1.2.1)
      rack-mount (~> 0.6.13)
      rack-test (~> 0.5.7)
      tzinfo (~> 0.3.23)
    activemodel (3.0.4)
      activesupport (= 3.0.4)
      builder (~> 2.1.2)
      i18n (~> 0.4)
    activesupport (3.0.4)
    builder (2.1.2)
    daemons (1.1.0)
    erubis (2.6.6)
      abstract (>= 1.0.0)
    eventmachine (0.12.10)
    guides (0.6.6)
      RedCloth (~> 4.1.1)
      actionpack (~> 3.0.0)
      activesupport (~> 3.0.0)
      maruku (~> 0.6.0)
      rack (~> 1.2.1)
      thin (~> 1.2.7)
      thor (~> 0.14.6)
    i18n (0.5.0)
    maruku (0.6.0)
      syntax (>= 1.0.0)
    rack (1.2.1)
    rack-mount (0.6.13)
      rack (>= 1.0.0)
    rack-test (0.5.7)
      rack (>= 1.0)
    syntax (1.0.0)
    thin (1.2.7)
      daemons (>= 1.0.9)
      eventmachine (>= 0.12.6)
      rack (>= 1.0.0)
    thor (0.14.6)
    tzinfo (0.3.24)

PLATFORMS
  ruby

DEPENDENCIES
  guides (~> 0.6.5)
